PATH
  remote: .
  specs:
    pubg (0.0.1)
      faraday
      faraday_middleware

GEM
  remote: https://rubygems.org/
  specs:
    faraday (0.12.2)
      multipart-post (>= 1.2, < 3)
    faraday_middleware (0.12.2)
      faraday (>= 0.7.4, < 1.0)
    multipart-post (2.0.0)

PLATFORMS
  ruby

DEPENDENCIES
  pubg!

BUNDLED WITH
   1.14.6
